GEM
  remote: https://rubygems.org/
  specs:
    activerecord (2.3.18)
      activesupport (= 2.3.18)
    activerecord-mysql2-adapter (0.0.3)
      mysql2
    activesupport (2.3.18)
    beefcake (0.3.7)
    bson (1.9.1)
    bson_ext (1.9.1)
      bson (~> 1.9.1)
    builder (3.2.2)
    i18n (0.6.4)
    iconv (1.0.3)
    innertube (1.0.2)
    mongo (1.9.1)
      bson (~> 1.9.1)
    multi_json (1.7.8)
    mysql2 (0.3.13)
    pg (0.16.0)
    rake (10.1.0)
    redis (3.0.4)
    riak-client (1.2.0)
      beefcake (~> 0.3.7)
      builder (>= 2.1.2)
      i18n (>= 0.4.0)
      innertube (~> 1.0.2)
      multi_json (~> 1.0)

PLATFORMS
  ruby

DEPENDENCIES
  activerecord
  activerecord-mysql2-adapter
  bson_ext
  iconv
  mongo
  pg
  rake
  redis
  riak-client
